GEM
  remote: https://rubygems.org/
  specs:
    erubi (1.12.0)
    language_server-protocol (3.17.0.3)
    netrc (0.11.0)
    parallel (1.24.0)
    prism (0.24.0)
    rbi (0.1.10)
      prism (>= 0.18.0, < 0.25)
      sorbet-runtime (>= 0.5.9204)
    ruby-lsp (0.16.4)
      language_server-protocol (~> 3.17.0)
      prism (>= 0.22.0, < 0.25)
      sorbet-runtime (>= 0.5.10782)
    sorbet (0.5.11346)
      sorbet-static (= 0.5.11346)
    sorbet-runtime (0.5.11346)
    sorbet-static (0.5.11346-x86_64-linux)
    sorbet-static-and-runtime (0.5.11346)
      sorbet (= 0.5.11346)
      sorbet-runtime (= 0.5.11346)
    spoom (1.3.0)
      erubi (>= 1.10.0)
      prism (>= 0.19.0)
      sorbet-static-and-runtime (>= 0.5.10187)
      thor (>= 0.19.2)
    tapioca (0.13.2)
      bundler (>= 2.2.25)
      netrc (>= 0.11.0)
      parallel (>= 1.21.0)
      rbi (>= 0.1.4, < 0.2)
      sorbet-static-and-runtime (>= 0.5.11087)
      spoom (>= 1.2.0)
      thor (>= 1.2.0)
      yard-sorbet
    thor (1.3.1)
    yard (0.9.36)
    yard-sorbet (0.8.1)
      sorbet-runtime (>= 0.5)
      yard (>= 0.9)

PLATFORMS
  ruby
  x86_64-linux

DEPENDENCIES
  ruby-lsp
  sorbet
  sorbet-runtime
  tapioca

BUNDLED WITH
   2.3.26
