GEM
  remote: https://rubygems.org/
  specs:
    language_server-protocol (3.17.0.3)
    prism (0.24.0)
    ruby-lsp (0.16.4)
      language_server-protocol (~> 3.17.0)
      prism (>= 0.22.0, < 0.25)
      sorbet-runtime (>= 0.5.10782)
    sorbet-runtime (0.5.11342)

PLATFORMS
  ruby

DEPENDENCIES
  ruby-lsp (~> 0.16.4)

BUNDLED WITH
   2.4.13
